GEM
  remote: https://rubygems.org/
  specs:
    git (1.2.5)
    jeweler (1.6.4)
      bundler (~> 1.0)
      git (>= 1.2.5)
      rake
    json (1.6.1)
    nokogiri (1.5.2)
    rake (0.9.2.2)
    rdoc (3.11)
      json (~> 1.4)

PLATFORMS
  ruby

DEPENDENCIES
  jeweler
  nokogiri
  rake
  rdoc
